GEM
  remote: http://rubygems.org/
  specs:
    json (1.6.1)
    rack (1.3.3)
    scrambler (0.1.0)

PLATFORMS
  ruby

DEPENDENCIES
  json
  rack
  scrambler (= 0.1.0)
